GEM
  remote: http://rubygems.org/
  specs:
    addressable (2.5.2)
      public_suffix (>= 2.0.2, < 4.0)
    bio (1.5.1)
    bio-samtools (2.6.0)
      bio (>= 1.4.2)
      bio-svgenes (>= 0.4.1)
    bio-svgenes (0.4.1)
    builder (3.2.3)
    descendants_tracker (0.0.4)
      thread_safe (~> 0.3, >= 0.3.1)
    faraday (0.12.2)
      multipart-post (>= 1.2, < 3)
    git (1.3.0)
    github_api (0.18.2)
      addressable (~> 2.4)
      descendants_tracker (~> 0.0.4)
      faraday (~> 0.8)
      hashie (~> 3.5, >= 3.5.2)
      oauth2 (~> 1.0)
    hashie (3.5.6)
    highline (1.7.10)
    juwelier (2.4.7)
      builder
      bundler
      git
      github_api
      highline
      kamelcase (~> 0)
      nokogiri
      psych
      rake
      rdoc
      semver2
    jwt (1.5.6)
    kamelcase (0.0.1)
      semver2 (~> 3)
    mini_portile2 (2.3.0)
    multi_json (1.12.2)
    multi_xml (0.6.0)
    multipart-post (2.0.0)
    nokogiri (1.8.1)
      mini_portile2 (~> 2.3.0)
    oauth2 (1.4.0)
      faraday (>= 0.8, < 0.13)
      jwt (~> 1.0)
      multi_json (~> 1.3)
      multi_xml (~> 0.5)
      rack (>= 1.2, < 3)
    power_assert (1.1.1)
    psych (2.2.4)
    public_suffix (3.0.1)
    rack (2.0.3)
    rake (12.3.0)
    rdoc (5.1.0)
    semver2 (3.4.2)
    shoulda (2.10.0)
    systemu (2.6.5)
    test-unit (3.2.6)
      power_assert
    thread_safe (0.3.6)

PLATFORMS
  ruby

DEPENDENCIES
  bio (>= 1.5.0)
  bio-samtools (>= 2.5.1)
  juwelier
  shoulda (= 2.10)
  systemu (>= 2.5.2)
  test-unit

BUNDLED WITH
   1.14.4
